GEM
  remote: http://rubygems.org/
  specs:
    builder (2.1.2)
    haml (3.1.2)
    rack (1.3.1)
    sinatra (1.2.6)
      rack (~> 1.1)
      tilt (< 2.0, >= 1.2.2)
    tilt (1.3.2)

PLATFORMS
  ruby

DEPENDENCIES
  builder
  haml
  sinatra
